PATH
  remote: .
  specs:
    lily (0.0.1)

GEM
  remote: https://rubygems.org/
  specs:
    rake (10.4.2)

PLATFORMS
  ruby

DEPENDENCIES
  bundler (~> 1.7)
  lily!
  rake (~> 10.0)
